PATH
  remote: .
  specs:
    lelianemone (0.0.1)
      nokogiri (>= 1.3.0)
      robots (>= 0.7.2)

GEM
  remote: https://rubygems.org/
  specs:
    mini_portile (0.6.2)
    nokogiri (1.6.6.2)
      mini_portile (~> 0.6.0)
    robots (0.10.1)

PLATFORMS
  ruby

DEPENDENCIES
  lelianemone!
